GEM
  remote: https://rubygems.org/
  specs:
    haml (3.1.4)
    rack (1.4.1)
    rack-protection (1.2.0)
      rack
    rtlit (0.0.3)
    sinatra (1.3.2)
      rack (~> 1.3, >= 1.3.6)
      rack-protection (~> 1.2)
      tilt (~> 1.3, >= 1.3.3)
    tilt (1.3.3)

PLATFORMS
  ruby

DEPENDENCIES
  haml
  rtlit (~> 0.0.3)
  sinatra
